GEM
  remote: https://rubygems.org/
  specs:
    actionmailer (4.2.7.1)
      actionpack (= 4.2.7.1)
      actionview (= 4.2.7.1)
      activejob (= 4.2.7.1)
      mail (~> 2.5, >= 2.5.4)
      rails-dom-testing (~> 1.0, >= 1.0.5)
    actionpack (4.2.7.1)
      actionview (= 4.2.7.1)
      activesupport (= 4.2.7.1)
      rack (~> 1.6)
      rack-test (~> 0.6.2)
      rails-dom-testing (~> 1.0, >= 1.0.5)
      rails-html-sanitizer (~> 1.0, >= 1.0.2)
    actionview (4.2.7.1)
      activesupport (= 4.2.7.1)
      builder (~> 3.1)
      erubis (~> 2.7.0)
      rails-dom-testing (~> 1.0, >= 1.0.5)
      rails-html-sanitizer (~> 1.0, >= 1.0.2)
    activejob (4.2.7.1)
      activesupport (= 4.2.7.1)
      globalid (>= 0.3.0)
    activemodel (4.2.7.1)
      activesupport (= 4.2.7.1)
      builder (~> 3.1)
    activerecord (4.2.7.1)
      activemodel (= 4.2.7.1)
      activesupport (= 4.2.7.1)
      arel (~> 6.0)
    activesupport (4.2.7.1)
      i18n (~> 0.7)
      json (~> 1.7, >= 1.7.7)
      minitest (~> 5.1)
      thread_safe (~> 0.3, >= 0.3.4)
      tzinfo (~> 1.1)
    addressable (2.4.0)
    ancestry (3.0.1)
      activerecord (>= 3.2.0)
    arel (6.0.4)
    autoprefixer-rails (8.0.0)
      execjs
    bcrypt (3.1.11)
    binding_of_caller (0.8.0)
      debug_inspector (>= 0.0.1)
    bootstrap-sass (3.3.7)
      autoprefixer-rails (>= 5.2.1)
      sass (>= 3.3.4)
    builder (3.2.3)
    byebug (9.0.6)
    coffee-rails (4.1.1)
      coffee-script (>= 2.2.0)
      railties (>= 4.0.0, < 5.1.x)
    coffee-script (2.4.1)
      coffee-script-source
      execjs
    coffee-script-source (1.12.2)
    colorator (0.1)
    concurrent-ruby (1.0.5)
    crass (1.0.3)
    debug_inspector (0.0.3)
    devise (3.4.1)
      bcrypt (~> 3.0)
      orm_adapter (~> 0.1)
      railties (>= 3.2.6, < 5)
      responders
      thread_safe (~> 0.1)
      warden (~> 1.2.3)
    domain_name (0.5.20170404)
      unf (>= 0.0.5, < 1.0.0)
    erubis (2.7.0)
    ethon (0.11.0)
      ffi (>= 1.3.0)
    execjs (2.7.0)
    faraday (0.14.0)
      multipart-post (>= 1.2, < 3)
    ffi (1.9.21)
    gemoji (2.1.0)
    github-pages (87)
      github-pages-health-check (= 1.1.0)
      jekyll (= 3.1.6)
      jekyll-coffeescript (= 1.0.1)
      jekyll-feed (= 0.5.1)
      jekyll-gist (= 1.4.0)
      jekyll-github-metadata (= 2.0.2)
      jekyll-mentions (= 1.1.3)
      jekyll-paginate (= 1.1.0)
      jekyll-redirect-from (= 0.11.0)
      jekyll-sass-converter (= 1.3.0)
      jekyll-seo-tag (= 2.0.0)
      jekyll-sitemap (= 0.10.0)
      jemoji (= 0.6.2)
      kramdown (= 1.11.1)
      liquid (= 3.0.6)
      listen (= 3.0.6)
      mercenary (~> 0.3)
      rouge (= 1.11.1)
      terminal-table (~> 1.4)
    github-pages-health-check (1.1.0)
      addressable (~> 2.3)
      net-dns (~> 0.8)
      octokit (~> 4.0)
      public_suffix (~> 1.4)
      typhoeus (~> 0.7)
    globalid (0.4.1)
      activesupport (>= 4.2.0)
    html-pipeline (2.7.1)
      activesupport (>= 2)
      nokogiri (>= 1.4)
    http-cookie (1.0.3)
      domain_name (~> 0.5)
    i18n (0.9.5)
      concurrent-ruby (~> 1.0)
    jbuilder (2.7.0)
      activesupport (>= 4.2.0)
      multi_json (>= 1.2)
    jekyll (3.1.6)
      colorator (~> 0.1)
      jekyll-sass-converter (~> 1.0)
      jekyll-watch (~> 1.1)
      kramdown (~> 1.3)
      liquid (~> 3.0)
      mercenary (~> 0.3.3)
      rouge (~> 1.7)
      safe_yaml (~> 1.0)
    jekyll-coffeescript (1.0.1)
      coffee-script (~> 2.2)
    jekyll-feed (0.5.1)
    jekyll-gist (1.4.0)
      octokit (~> 4.2)
    jekyll-github-metadata (2.0.2)
      jekyll (~> 3.1)
      octokit (~> 4.0)
    jekyll-mentions (1.1.3)
      html-pipeline (~> 2.3)
      jekyll (~> 3.0)
    jekyll-paginate (1.1.0)
    jekyll-readme-index (0.2.0)
      jekyll (~> 3.0)
    jekyll-redirect-from (0.11.0)
      jekyll (>= 2.0)
    jekyll-sass-converter (1.3.0)
      sass (~> 3.2)
    jekyll-seo-tag (2.0.0)
      jekyll (~> 3.1)
    jekyll-sitemap (0.10.0)
    jekyll-watch (1.5.1)
      listen (~> 3.0)
    jemoji (0.6.2)
      gemoji (~> 2.0)
      html-pipeline (~> 2.2)
      jekyll (>= 3.0)
    jquery-rails (4.3.1)
      rails-dom-testing (>= 1, < 3)
      railties (>= 4.2.0)
      thor (>= 0.14, < 2.0)
    json (1.8.6)
    kaminari (1.1.1)
      activesupport (>= 4.1.0)
      kaminari-actionview (= 1.1.1)
      kaminari-activerecord (= 1.1.1)
      kaminari-core (= 1.1.1)
    kaminari-actionview (1.1.1)
      actionview
      kaminari-core (= 1.1.1)
    kaminari-activerecord (1.1.1)
      activerecord
      kaminari-core (= 1.1.1)
    kaminari-core (1.1.1)
    kramdown (1.11.1)
    liquid (3.0.6)
    listen (3.0.6)
      rb-fsevent (>= 0.9.3)
      rb-inotify (>= 0.9.7)
    loofah (2.2.0)
      crass (~> 1.0.2)
      nokogiri (>= 1.5.9)
    mail (2.7.0)
      mini_mime (>= 0.1.1)
    mercenary (0.3.6)
    mime-types (3.1)
      mime-types-data (~> 3.2015)
    mime-types-data (3.2016.0521)
    mini_mime (1.0.0)
    mini_portile2 (2.3.0)
    minitest (5.11.3)
    multi_json (1.13.1)
    multipart-post (2.0.0)
    mysql (2.9.1)
    net-dns (0.8.0)
    netrc (0.11.0)
    nokogiri (1.8.2)
      mini_portile2 (~> 2.3.0)
    octokit (4.8.0)
      sawyer (~> 0.8.0, >= 0.5.3)
    orm_adapter (0.5.0)
    pg (0.17.1)
    public_suffix (1.5.3)
    rack (1.6.8)
    rack-cors (1.0.2)
    rack-test (0.6.3)
      rack (>= 1.0)
    rails (4.2.7.1)
      actionmailer (= 4.2.7.1)
      actionpack (= 4.2.7.1)
      actionview (= 4.2.7.1)
      activejob (= 4.2.7.1)
      activemodel (= 4.2.7.1)
      activerecord (= 4.2.7.1)
      activesupport (= 4.2.7.1)
      bundler (>= 1.3.0, < 2.0)
      railties (= 4.2.7.1)
      sprockets-rails
    rails-deprecated_sanitizer (1.0.3)
      activesupport (>= 4.2.0.alpha)
    rails-dom-testing (1.0.9)
      activesupport (>= 4.2.0, < 5.0)
      nokogiri (~> 1.6)
      rails-deprecated_sanitizer (>= 1.0.1)
    rails-html-sanitizer (1.0.3)
      loofah (~> 2.0)
    rails_12factor (0.0.2)
      rails_serve_static_assets
      rails_stdout_logging
    rails_serve_static_assets (0.0.5)
    rails_stdout_logging (0.0.5)
    railties (4.2.7.1)
      actionpack (= 4.2.7.1)
      activesupport (= 4.2.7.1)
      rake (>= 0.8.7)
      thor (>= 0.18.1, < 2.0)
    rake (12.3.0)
    rb-fsevent (0.10.2)
    rb-inotify (0.9.10)
      ffi (>= 0.5.0, < 2)
    rdoc (4.3.0)
    responders (2.4.0)
      actionpack (>= 4.2.0, < 5.3)
      railties (>= 4.2.0, < 5.3)
    rest-client (2.0.2)
      http-cookie (>= 1.0.2, < 2.0)
      mime-types (>= 1.16, < 4.0)
      netrc (~> 0.8)
    roo (2.7.1)
      nokogiri (~> 1)
      rubyzip (~> 1.1, < 2.0.0)
    rouge (1.11.1)
    rubyzip (1.2.1)
    safe_yaml (1.0.4)
    sass (3.5.5)
      sass-listen (~> 4.0.0)
    sass-listen (4.0.0)
      rb-fsevent (~> 0.9, >= 0.9.4)
      rb-inotify (~> 0.9, >= 0.9.7)
    sass-rails (5.0.7)
      railties (>= 4.0.0, < 6)
      sass (~> 3.1)
      sprockets (>= 2.8, < 4.0)
      sprockets-rails (>= 2.0, < 4.0)
      tilt (>= 1.1, < 3)
    sawyer (0.8.1)
      addressable (>= 2.3.5, < 2.6)
      faraday (~> 0.8, < 1.0)
    sdoc (0.4.2)
      json (~> 1.7, >= 1.7.7)
      rdoc (~> 4.0)
    spring (2.0.2)
      activesupport (>= 4.2)
    sprockets (3.7.1)
      concurrent-ruby (~> 1.0)
      rack (> 1, < 3)
    sprockets-rails (3.2.1)
      actionpack (>= 4.0)
      activesupport (>= 4.0)
      sprockets (>= 3.0.0)
    terminal-table (1.8.0)
      unicode-display_width (~> 1.1, >= 1.1.1)
    thor (0.20.0)
    thread_safe (0.3.6)
    tilt (2.0.8)
    time_difference (0.5.0)
      activesupport
    turbolinks (5.1.0)
      turbolinks-source (~> 5.1)
    turbolinks-source (5.1.0)
    typhoeus (0.8.0)
      ethon (>= 0.8.0)
    tzinfo (1.2.5)
      thread_safe (~> 0.1)
    uglifier (4.1.6)
      execjs (>= 0.3.0, < 3)
    unf (0.1.4)
      unf_ext
    unf_ext (0.0.7.5)
    unicode-display_width (1.3.0)
    warden (1.2.7)
      rack (>= 1.0)
    web-console (2.3.0)
      activemodel (>= 4.0)
      binding_of_caller (>= 0.7.2)
      railties (>= 4.0)
      sprockets-rails (>= 2.0, < 4.0)

PLATFORMS
  ruby

DEPENDENCIES
  ancestry
  bcrypt (~> 3.1.7)
  bootstrap-sass (~> 3.3.6)
  byebug
  coffee-rails (~> 4.1.0)
  devise (~> 3.4.0)
  github-pages
  jbuilder (~> 2.0)
  jekyll-readme-index
  jemoji
  jquery-rails
  kaminari
  mysql
  pg (= 0.17.1)
  rack-cors
  rails (~> 4.2.7.1)
  rails_12factor (= 0.0.2)
  rest-client
  roo
  sass-rails (~> 5.0)
  sdoc (~> 0.4.0)
  spring
  time_difference
  turbolinks
  uglifier (>= 1.3.0)
  web-console (~> 2.0)

BUNDLED WITH
   1.16.1
